GEM
  remote: https://rubygems.org/
  specs:
    addressable (2.8.0)
      public_suffix (>= 2.0.2, < 5.0)
    chunky_png (1.4.0)
    cliver (0.3.2)
    colorize (0.8.1)
    concurrent-ruby (1.1.9)
    curses (1.4.2)
    ferrum (0.11)
      addressable (~> 2.5)
      cliver (~> 0.3)
      concurrent-ruby (~> 1.1)
      websocket-driver (>= 0.6, < 0.8)
    httparty (0.18.1)
      mime-types (~> 3.0)
      multi_xml (>= 0.5.2)
    mime-types (3.3.1)
      mime-types-data (~> 3.2015)
    mime-types-data (3.2021.0704)
    multi_xml (0.6.0)
    nokogiri (1.12.2-x86_64-darwin)
      racc (~> 1.4)
    public_suffix (4.0.6)
    racc (1.5.2)
    websocket-driver (0.7.5)
      websocket-extensions (>= 0.1.0)
    websocket-extensions (0.1.5)

PLATFORMS
  x86_64-darwin-20

DEPENDENCIES
  chunky_png
  colorize
  curses
  ferrum
  httparty
  nokogiri

BUNDLED WITH
   2.2.15
