GEM
  remote: https://rubygems.org/
  specs:
    addressable (2.8.0)
      public_suffix (>= 2.0.2, < 5.0)
    chunky_png (1.3.15)
    cliver (0.3.2)
    concurrent-ruby (1.1.9)
    curses (1.4.2)
    ferrum (0.11)
      addressable (~> 2.5)
      cliver (~> 0.3)
      concurrent-ruby (~> 1.1)
      websocket-driver (>= 0.6, < 0.8)
    oily_png (1.2.1)
      chunky_png (~> 1.3.7)
    public_suffix (4.0.6)
    websocket-driver (0.7.5)
      websocket-extensions (>= 0.1.0)
    websocket-extensions (0.1.5)

PLATFORMS
  x86_64-darwin-20

DEPENDENCIES
  curses
  ferrum
  oily_png

BUNDLED WITH
   2.2.15
